GEM
  remote: https://rubygems.org/
  specs:
    rake (13.0.4)

PLATFORMS
  ruby

DEPENDENCIES
  rake

BUNDLED WITH
   1.17.2
